GEM
  remote: https://rubygems.org/
  specs:
    bindata (2.5.1)
    digest-crc (0.7.0)
      rake (>= 12.0.0, < 14.0.0)
    eventmachine (1.2.7)
    ipaddr (1.2.7)
    openssl (3.1.1)
    rake (13.3.0)

PLATFORMS
  ruby

DEPENDENCIES
  bindata
  digest-crc
  eventmachine
  ipaddr
  openssl

BUNDLED WITH
   1.17.2
